GEM
  remote: http://rubygems.org/
  specs:
    addressable (2.2.7)
    colored (1.2)
    crack (0.3.1)
    diff-lcs (1.1.3)
    faraday (0.7.6)
      addressable (~> 2.2)
      multipart-post (~> 1.1)
      rack (~> 1.1)
    faraday_middleware (0.8.1)
      faraday (>= 0.7.4, < 0.9)
    ffi (1.0.11)
    guard (1.0.0)
      ffi (>= 0.5.0)
      thor (~> 0.14.6)
    guard-rspec (0.6.0)
      guard (>= 0.10.0)
    json (1.6.5)
    multipart-post (1.1.5)
    rack (1.4.1)
    rspec (2.8.0)
      rspec-core (~> 2.8.0)
      rspec-expectations (~> 2.8.0)
      rspec-mocks (~> 2.8.0)
    rspec-core (2.8.0)
    rspec-expectations (2.8.0)
      diff-lcs (~> 1.1.2)
    rspec-mocks (2.8.0)
    serialport (1.0.4)
    thor (0.14.6)
    webmock (1.7.10)
      addressable (~> 2.2, > 2.2.5)
      crack (>= 0.1.7)

PLATFORMS
  ruby

DEPENDENCIES
  colored
  faraday
  faraday_middleware
  guard
  guard-rspec
  json
  rspec
  serialport
  webmock
